GEM
  remote: https://rubygems.org/
  specs:
    mini_portile2 (2.3.0)
    nokogiri (1.8.1)
      mini_portile2 (~> 2.3.0)
    thor (0.20.0)

PLATFORMS
  ruby

DEPENDENCIES
  nokogiri
  thor

BUNDLED WITH
   1.15.4
